GEM
  remote: https://rubygems.org/
  specs:
    actioncable (6.1.6.1)
      actionpack (= 6.1.6.1)
      activesupport (= 6.1.6.1)
      nio4r (~> 2.0)
      websocket-driver (>= 0.6.1)
    actionmailbox (6.1.6.1)
      actionpack (= 6.1.6.1)
      activejob (= 6.1.6.1)
      activerecord (= 6.1.6.1)
      activestorage (= 6.1.6.1)
      activesupport (= 6.1.6.1)
      mail (>= 2.7.1)
    actionmailer (6.1.6.1)
      actionpack (= 6.1.6.1)
      actionview (= 6.1.6.1)
      activejob (= 6.1.6.1)
      activesupport (= 6.1.6.1)
      mail (~> 2.5, >= 2.5.4)
      rails-dom-testing (~> 2.0)
    actionpack (6.1.6.1)
      actionview (= 6.1.6.1)
      activesupport (= 6.1.6.1)
      rack (~> 2.0, >= 2.0.9)
      rack-test (>= 0.6.3)
      rails-dom-testing (~> 2.0)
      rails-html-sanitizer (~> 1.0, >= 1.2.0)
    actiontext (6.1.6.1)
      actionpack (= 6.1.6.1)
      activerecord (= 6.1.6.1)
      activestorage (= 6.1.6.1)
      activesupport (= 6.1.6.1)
      nokogiri (>= 1.8.5)
    actionview (6.1.6.1)
      activesupport (= 6.1.6.1)
      builder (~> 3.1)
      erubi (~> 1.4)
      rails-dom-testing (~> 2.0)
      rails-html-sanitizer (~> 1.1, >= 1.2.0)
    active_storage_validations (0.9.8)
      activejob (>= 5.2.0)
      activemodel (>= 5.2.0)
      activestorage (>= 5.2.0)
      activesupport (>= 5.2.0)
    activejob (6.1.6.1)
      activesupport (= 6.1.6.1)
      globalid (>= 0.3.6)
    activemodel (6.1.6.1)
      activesupport (= 6.1.6.1)
    activerecord (6.1.6.1)
      activemodel (= 6.1.6.1)
      activesupport (= 6.1.6.1)
    activestorage (6.1.6.1)
      actionpack (= 6.1.6.1)
      activejob (= 6.1.6.1)
      activerecord (= 6.1.6.1)
      activesupport (= 6.1.6.1)
      marcel (~> 1.0)
      mini_mime (>= 1.1.0)
    activesupport (6.1.6.1)
      concurrent-ruby (~> 1.0, >= 1.0.2)
      i18n (>= 1.6, < 2)
      minitest (>= 5.1)
      tzinfo (~> 2.0)
      zeitwerk (~> 2.3)
    addressable (2.8.0)
      public_suffix (>= 2.0.2, < 5.0)
    amazing_print (1.4.0)
    ast (2.4.2)
    aws-eventstream (1.2.0)
    aws-partitions (1.543.0)
    aws-sdk-core (3.125.0)
      aws-eventstream (~> 1, >= 1.0.2)
      aws-partitions (~> 1, >= 1.525.0)
      aws-sigv4 (~> 1.1)
      jmespath (~> 1.0)
    aws-sdk-kms (1.53.0)
      aws-sdk-core (~> 3, >= 3.125.0)
      aws-sigv4 (~> 1.1)
    aws-sdk-s3 (1.110.0)
      aws-sdk-core (~> 3, >= 3.125.0)
      aws-sdk-kms (~> 1)
      aws-sigv4 (~> 1.4)
    aws-sigv4 (1.5.1)
      aws-eventstream (~> 1, >= 1.0.2)
    bcrypt (3.1.18)
    better_errors (2.9.1)
      coderay (>= 1.0.0)
      erubi (>= 1.0.0)
      rack (>= 0.9.0)
    bindex (0.8.1)
    binding_of_caller (1.0.0)
      debug_inspector (>= 0.0.1)
    bootsnap (1.13.0)
      msgpack (~> 1.2)
    builder (3.2.4)
    byebug (11.1.3)
    capybara (3.37.1)
      addressable
      matrix
      mini_mime (>= 0.1.3)
      nokogiri (~> 1.8)
      rack (>= 1.6.0)
      rack-test (>= 0.6.3)
      regexp_parser (>= 1.5, < 3.0)
      xpath (~> 3.2)
    childprocess (4.1.0)
    coderay (1.1.3)
    commander (4.6.0)
      highline (~> 2.0.0)
    concurrent-ruby (1.1.10)
    connection_pool (2.2.5)
    crack (0.4.5)
      rexml
    crass (1.0.6)
    database_cleaner (2.0.1)
      database_cleaner-active_record (~> 2.0.0)
    database_cleaner-active_record (2.0.1)
      activerecord (>= 5.a)
      database_cleaner-core (~> 2.0.0)
    database_cleaner-core (2.0.1)
    debug_inspector (1.1.0)
    devise (4.8.1)
      bcrypt (~> 3.0)
      orm_adapter (~> 0.1)
      railties (>= 4.1.0)
      responders
      warden (~> 1.2.3)
    diff-lcs (1.5.0)
    docile (1.4.0)
    doorkeeper (5.5.0.rc2)
      railties (>= 5)
    dotenv (2.8.1)
    dotenv-rails (2.8.1)
      dotenv (= 2.8.1)
      railties (>= 3.2)
    ebnf (2.3.1)
      amazing_print (~> 1.4)
      htmlentities (~> 4.3)
      rdf (~> 3.2)
      scanf (~> 1.0)
      sxp (~> 1.2)
      unicode-types (~> 1.7)
    erubi (1.11.0)
    factory_bot (6.2.1)
      activesupport (>= 5.0.0)
    factory_bot_rails (6.2.0)
      factory_bot (~> 6.2.0)
      railties (>= 5.0.0)
    faker (2.22.0)
      i18n (>= 1.8.11, < 2)
    ffi (1.15.5)
    friendly_id (5.4.2)
      activerecord (>= 4.0.0)
    fuubar (2.5.1)
      rspec-core (~> 3.0)
      ruby-progressbar (~> 1.4)
    globalid (1.0.0)
      activesupport (>= 5.0)
    graphql (2.0.12)
    graphql-rails_logger (1.2.3)
      actionpack (> 5.0)
      activesupport (> 5.0)
      railties (> 5.0)
      rouge (~> 3.0)
    hashdiff (1.0.1)
    highline (2.0.3)
    htmlentities (4.3.4)
    i18n (1.12.0)
      concurrent-ruby (~> 1.0)
    image_processing (1.12.2)
      mini_magick (>= 4.9.5, < 5)
      ruby-vips (>= 2.0.17, < 3)
    inline_svg (1.8.0)
      activesupport (>= 3.0)
      nokogiri (>= 1.6)
    invisible_captcha (2.0.0)
      rails (>= 5.0)
    jbuilder (2.11.5)
      actionview (>= 5.0.0)
      activesupport (>= 5.0.0)
    jmespath (1.6.1)
    json (2.6.2)
    kaminari (1.2.2)
      activesupport (>= 4.1.0)
      kaminari-actionview (= 1.2.2)
      kaminari-activerecord (= 1.2.2)
      kaminari-core (= 1.2.2)
    kaminari-actionview (1.2.2)
      actionview
      kaminari-core (= 1.2.2)
    kaminari-activerecord (1.2.2)
      activerecord
      kaminari-core (= 1.2.2)
    kaminari-core (1.2.2)
    launchy (2.5.0)
      addressable (~> 2.7)
    link_header (0.0.8)
    listen (3.7.1)
      rb-fsevent (~> 0.10, >= 0.10.3)
      rb-inotify (~> 0.9, >= 0.9.10)
    logger (1.5.1)
    loofah (2.18.0)
      crass (~> 1.0.2)
      nokogiri (>= 1.5.9)
    mail (2.7.1)
      mini_mime (>= 0.1.1)
    marcel (1.0.2)
    matrix (0.4.2)
    method_source (1.0.0)
    mini_magick (4.11.0)
    mini_mime (1.1.2)
    mini_portile2 (2.8.0)
    minitest (5.16.3)
    msgpack (1.5.4)
    net-http-persistent (4.0.1)
      connection_pool (~> 2.2)
    netrc (0.11.0)
    nio4r (2.5.8)
    nokogiri (1.13.8)
      mini_portile2 (~> 2.8.0)
      racc (~> 1.4)
    nokogiri (1.13.8-arm64-darwin)
      racc (~> 1.4)
    nokogiri (1.13.8-x86_64-darwin)
      racc (~> 1.4)
    nokogiri (1.13.8-x86_64-linux)
      racc (~> 1.4)
    orm_adapter (0.5.0)
    paper_trail (12.3.0)
      activerecord (>= 5.2)
      request_store (~> 1.1)
    parallel (1.22.1)
    parlour (8.0.0)
      commander (~> 4.5)
      parser
      rainbow (~> 3.0)
      sorbet-runtime (>= 0.5)
    parser (3.1.2.1)
      ast (~> 2.4.1)
    pg (1.4.3)
    pg_search (2.3.6)
      activerecord (>= 5.2)
      activesupport (>= 5.2)
    polyfill (1.9.0)
    pry (0.14.1)
      coderay (~> 1.1)
      method_source (~> 1.0)
    pry-rails (0.3.9)
      pry (>= 0.10.4)
    public_suffix (4.0.7)
    puma (5.6.4)
      nio4r (~> 2.0)
    pundit (2.2.0)
      activesupport (>= 3.0.0)
    pundit-matchers (1.7.0)
      rspec-rails (>= 3.0.0)
    racc (1.6.0)
    rack (2.2.4)
    rack-cors (1.1.1)
      rack (>= 2.0.0)
    rack-proxy (0.7.2)
      rack
    rack-test (2.0.2)
      rack (>= 1.3)
    rails (6.1.6.1)
      actioncable (= 6.1.6.1)
      actionmailbox (= 6.1.6.1)
      actionmailer (= 6.1.6.1)
      actionpack (= 6.1.6.1)
      actiontext (= 6.1.6.1)
      actionview (= 6.1.6.1)
      activejob (= 6.1.6.1)
      activemodel (= 6.1.6.1)
      activerecord (= 6.1.6.1)
      activestorage (= 6.1.6.1)
      activesupport (= 6.1.6.1)
      bundler (>= 1.15.0)
      railties (= 6.1.6.1)
      sprockets-rails (>= 2.0.0)
    rails-dom-testing (2.0.3)
      activesupport (>= 4.2.0)
      nokogiri (>= 1.6)
    rails-html-sanitizer (1.4.3)
      loofah (~> 2.3)
    railties (6.1.6.1)
      actionpack (= 6.1.6.1)
      activesupport (= 6.1.6.1)
      method_source
      rake (>= 12.2)
      thor (~> 1.0)
    rainbow (3.1.1)
    rake (13.0.6)
    rb-fsevent (0.11.1)
    rb-inotify (0.10.1)
      ffi (~> 1.0)
    rbi (0.0.15)
      ast
      parser (>= 2.6.4.0)
      sorbet-runtime (>= 0.5.9204)
      unparser
    rdf (3.2.9)
      link_header (~> 0.0, >= 0.0.8)
    rdf-aggregate-repo (3.2.1)
      rdf (~> 3.2)
    rdf-xsd (3.2.1)
      rdf (~> 3.2)
      rexml (~> 3.2)
    regexp_parser (2.5.0)
    request_store (1.5.1)
      rack (>= 1.4)
    responders (3.0.1)
      actionpack (>= 5.0)
      railties (>= 5.0)
    rexml (3.2.5)
    rouge (3.30.0)
    rspec-core (3.11.0)
      rspec-support (~> 3.11.0)
    rspec-expectations (3.11.0)
      diff-lcs (>= 1.2.0, < 2.0)
      rspec-support (~> 3.11.0)
    rspec-mocks (3.11.1)
      diff-lcs (>= 1.2.0, < 2.0)
      rspec-support (~> 3.11.0)
    rspec-rails (5.1.2)
      actionpack (>= 5.2)
      activesupport (>= 5.2)
      railties (>= 5.2)
      rspec-core (~> 3.10)
      rspec-expectations (~> 3.10)
      rspec-mocks (~> 3.10)
      rspec-support (~> 3.10)
    rspec-support (3.11.0)
    rubocop (1.35.0)
      json (~> 2.3)
      parallel (~> 1.10)
      parser (>= 3.1.2.1)
      rainbow (>= 2.2.2, < 4.0)
      regexp_parser (>= 1.8, < 3.0)
      rexml (>= 3.2.5, < 4.0)
      rubocop-ast (>= 1.20.1, < 2.0)
      ruby-progressbar (~> 1.7)
      unicode-display_width (>= 1.4.0, < 3.0)
    rubocop-ast (1.21.0)
      parser (>= 3.1.1.0)
    rubocop-performance (1.14.3)
      rubocop (>= 1.7.0, < 2.0)
      rubocop-ast (>= 0.4.0)
    rubocop-rails (2.15.2)
      activesupport (>= 4.2.0)
      rack (>= 1.1)
      rubocop (>= 1.7.0, < 2.0)
    rubocop-rspec (2.12.1)
      rubocop (~> 1.31)
    ruby-progressbar (1.11.0)
    ruby-vips (2.1.4)
      ffi (~> 1.12)
    rubyzip (2.3.2)
    safe_type (1.1.1)
    scanf (1.0.0)
    selenium-webdriver (4.4.0)
      childprocess (>= 0.5, < 5.0)
      rexml (~> 3.2, >= 3.2.5)
      rubyzip (>= 1.2.2, < 3.0)
      websocket (~> 1.0)
    semantic_range (3.0.0)
    sentry-rails (5.4.1)
      railties (>= 5.0)
      sentry-ruby (~> 5.4.1)
    sentry-ruby (5.4.1)
      concurrent-ruby (~> 1.0, >= 1.0.2)
    shoulda-matchers (5.1.0)
      activesupport (>= 5.2.0)
    simplecov (0.21.2)
      docile (~> 1.1)
      simplecov-html (~> 0.11)
      simplecov_json_formatter (~> 0.1)
    simplecov-html (0.12.3)
    simplecov_json_formatter (0.1.4)
    sorbet (0.5.10219)
      sorbet-static (= 0.5.10219)
    sorbet-coerce (0.7.0)
      polyfill (~> 1.8)
      safe_type (~> 1.1, >= 1.1.1)
      sorbet-runtime (>= 0.4.4704)
    sorbet-rails (0.7.34)
      method_source (>= 0.9.2)
      parlour (>= 4.0.1)
      parser (>= 2.7)
      sorbet-coerce (>= 0.2.6)
      sorbet-runtime (>= 0.5.9892)
    sorbet-runtime (0.5.10219)
    sorbet-static (0.5.10219-universal-darwin-14)
    sorbet-static (0.5.10219-universal-darwin-15)
    sorbet-static (0.5.10219-universal-darwin-16)
    sorbet-static (0.5.10219-universal-darwin-17)
    sorbet-static (0.5.10219-universal-darwin-18)
    sorbet-static (0.5.10219-universal-darwin-19)
    sorbet-static (0.5.10219-universal-darwin-20)
    sorbet-static (0.5.10219-universal-darwin-21)
    sorbet-static (0.5.10219-universal-darwin-22)
    sorbet-static (0.5.10219-x86_64-linux)
    sorbet-static-and-runtime (0.5.10219)
      sorbet (= 0.5.10219)
      sorbet-runtime (= 0.5.10219)
    sparql (3.2.4)
      builder (~> 3.2)
      ebnf (~> 2.2, >= 2.3.1)
      logger (~> 1.5)
      rdf (~> 3.2, >= 3.2.8)
      rdf-aggregate-repo (~> 3.2)
      rdf-xsd (~> 3.2)
      sparql-client (~> 3.2, >= 3.2.1)
      sxp (~> 1.2, >= 1.2.2)
    sparql-client (3.2.1)
      net-http-persistent (~> 4.0, >= 4.0.1)
      rdf (~> 3.2, >= 3.2.6)
    spoom (1.1.11)
      sorbet (>= 0.5.9204)
      sorbet-runtime (>= 0.5.9204)
      thor (>= 0.19.2)
    spring (2.1.1)
    spring-watcher-listen (2.0.1)
      listen (>= 2.7, < 4.0)
      spring (>= 1.2, < 3.0)
    sprockets (4.1.1)
      concurrent-ruby (~> 1.0)
      rack (> 1, < 3)
    sprockets-rails (3.4.2)
      actionpack (>= 5.2)
      activesupport (>= 5.2)
      sprockets (>= 3.0.0)
    sxp (1.2.2)
      matrix
      rdf (~> 3.2)
    tapioca (0.9.2)
      bundler (>= 1.17.3)
      netrc (>= 0.11.0)
      parallel (>= 1.21.0)
      pry (>= 0.12.2)
      rbi (~> 0.0.0, >= 0.0.14)
      sorbet-static-and-runtime (>= 0.5.9204)
      spoom (~> 1.1.0, >= 1.1.11)
      thor (>= 1.2.0)
      yard-sorbet
    thor (1.2.1)
    turbolinks (5.2.1)
      turbolinks-source (~> 5.2)
    turbolinks-source (5.2.0)
    tzinfo (2.0.5)
      concurrent-ruby (~> 1.0)
    unicode-display_width (2.2.0)
    unicode-types (1.7.0)
    unparser (0.6.5)
      diff-lcs (~> 1.3)
      parser (>= 3.1.0)
    warden (1.2.9)
      rack (>= 2.0.9)
    web-console (4.2.0)
      actionview (>= 6.0.0)
      activemodel (>= 6.0.0)
      bindex (>= 0.4.0)
      railties (>= 6.0.0)
    webdrivers (5.0.0)
      nokogiri (~> 1.6)
      rubyzip (>= 1.3.0)
      selenium-webdriver (~> 4.0)
    webmock (3.17.1)
      addressable (>= 2.8.0)
      crack (>= 0.3.2)
      hashdiff (>= 0.4.0, < 2.0.0)
    webpacker (5.4.3)
      activesupport (>= 5.2)
      rack-proxy (>= 0.6.1)
      railties (>= 5.2)
      semantic_range (>= 2.3.0)
    webrick (1.7.0)
    websocket (1.2.9)
    websocket-driver (0.7.5)
      websocket-extensions (>= 0.1.0)
    websocket-extensions (0.1.5)
    xpath (3.2.0)
      nokogiri (~> 1.8)
    yard (0.9.28)
      webrick (~> 1.7.0)
    yard-sorbet (0.6.1)
      sorbet-runtime (>= 0.5)
      yard (>= 0.9)
    zeitwerk (2.6.0)

PLATFORMS
  arm64-darwin-20
  ruby
  x86_64-darwin-18
  x86_64-darwin-19
  x86_64-darwin-20
  x86_64-linux

DEPENDENCIES
  active_storage_validations (~> 0.9.8)
  addressable (~> 2.8.0)
  aws-sdk-s3 (~> 1.66)
  better_errors (~> 2.9)
  binding_of_caller (~> 1.0)
  bootsnap (>= 1.1.0)
  byebug
  capybara (~> 3.37)
  database_cleaner (~> 2.0)
  devise (~> 4.8)
  doorkeeper (= 5.5.0.rc2)
  dotenv-rails (~> 2.8)
  factory_bot_rails (~> 6.2)
  faker (~> 2.22.0)
  friendly_id (~> 5.4.2)
  fuubar (~> 2.5.1)
  graphql (~> 2.0.12)
  graphql-rails_logger (~> 1.2.3)
  image_processing (~> 1.12)
  inline_svg (~> 1.8)
  invisible_captcha (~> 2.0.0)
  jbuilder (~> 2.11)
  kaminari (~> 1.2)
  launchy (~> 2.5)
  listen (~> 3.7)
  paper_trail (~> 12.3)
  parallel (~> 1.22)
  pg (~> 1.4)
  pg_search (~> 2.3)
  pry (~> 0.14)
  pry-rails (~> 0.3)
  puma (~> 5.6)
  pundit (~> 2.2)
  pundit-matchers (~> 1.7.0)
  rack-cors (~> 1.1)
  rails (~> 6.1.6.1)
  rspec-rails (~> 5.1)
  rubocop (~> 1.35)
  rubocop-performance (~> 1.14)
  rubocop-rails (~> 2.15)
  rubocop-rspec (~> 2.11)
  ruby-progressbar (~> 1.11)
  selenium-webdriver (~> 4.4)
  sentry-rails (~> 5.4.1)
  sentry-ruby (~> 5.4.1)
  shoulda-matchers (= 5.1.0)
  simplecov (~> 0.21)
  sorbet (~> 0.5)
  sorbet-rails (~> 0.7)
  sorbet-runtime (~> 0.5)
  sparql (~> 3.2.4)
  spring (~> 2.1)
  spring-watcher-listen (~> 2.0.0)
  tapioca (~> 0.9.2)
  turbolinks (~> 5)
  web-console (~> 4.2.0)
  webdrivers (~> 5.0)
  webmock (~> 3.17)
  webpacker (~> 5.4.0)

RUBY VERSION
   ruby 3.0.3p157

BUNDLED WITH
   2.3.3
